GEM
  remote: https://rubygems.org/
  specs:
    breakpoint (2.0.7)
      compass (>= 0.12.1)
      sass (>= 3.2.0)
    chunky_png (1.3.4)
    compass (0.12.7)
      chunky_png (~> 1.2)
      fssm (>= 0.2.7)
      sass (~> 3.2.19)
    ffi (1.9.8)
    ffi (1.9.8-x64-mingw32)
    fssm (0.2.10)
    rb-inotify (0.9.5)
      ffi (>= 0.5.0)
    sass (3.2.19)
    sass-globbing (1.1.1)
      sass (>= 3.1)
    zen-grids (1.4)
      sass (>= 3.1)

PLATFORMS
  ruby
  x64-mingw32

DEPENDENCIES
  breakpoint
  compass (= 0.12.7)
  rb-inotify (~> 0.9)
  sass (= 3.2.19)
  sass-globbing
  zen-grids
