GEM
  remote: https://rubygems.org/
  specs:
    breakpoint (2.0.7)
      compass (>= 0.12.1)
      sass (>= 3.2.0)
    chunky_png (1.3.4)
    compass (0.12.7)
      chunky_png (~> 1.2)
      fssm (>= 0.2.7)
      sass (~> 3.2.19)
    fssm (0.2.10)
    rb-fsevent (0.9.5)
    sass (3.2.19)
    sass-globbing (1.1.1)
      sass (>= 3.1)
    zen-grids (1.4)
      sass (>= 3.1)

PLATFORMS
  ruby
  x64-mingw32

DEPENDENCIES
  breakpoint
  compass (= 0.12.7)
  rb-fsevent
  sass (= 3.2.19)
  sass-globbing
  zen-grids

BUNDLED WITH
   1.10.2
